PATH
  remote: .
  specs:
    twilio_recordings (0.0.10)
      faraday
      typhoeus (>= 0.5.0)

GEM
  remote: https://rubygems.org/
  specs:
    addressable (2.8.1)
      public_suffix (>= 2.0.2, < 6.0)
    crack (0.4.1)
      safe_yaml (~> 0.9.0)
    ethon (0.12.0)
      ffi (>= 1.3.0)
    faraday (0.17.0)
      multipart-post (>= 1.2, < 3)
    ffi (1.11.1)
    minitest (5.0.8)
    multipart-post (2.1.1)
    public_suffix (5.0.0)
    rake (10.1.0)
    safe_yaml (0.9.7)
    typhoeus (1.3.1)
      ethon (>= 0.9.0)
    webmock (1.16.0)
      addressable (>= 2.2.7)
      crack (>= 0.3.2)

PLATFORMS
  ruby

DEPENDENCIES
  minitest
  rake
  twilio_recordings!
  webmock

BUNDLED WITH
   2.0.1
