PATH
  remote: .
  specs:
    twilio_recordings (0.0.9)
      faraday
      typhoeus

GEM
  remote: https://rubygems.org/
  specs:
    addressable (2.3.5)
    crack (0.4.1)
      safe_yaml (~> 0.9.0)
    ethon (0.7.1)
      ffi (>= 1.3.0)
    faraday (0.9.0)
      multipart-post (>= 1.2, < 3)
    ffi (1.9.5)
    minitest (5.0.8)
    multipart-post (2.0.0)
    rake (10.1.0)
    safe_yaml (0.9.7)
    typhoeus (0.6.9)
      ethon (>= 0.7.1)
    webmock (1.16.0)
      addressable (>= 2.2.7)
      crack (>= 0.3.2)

PLATFORMS
  ruby

DEPENDENCIES
  minitest
  rake
  twilio_recordings!
  webmock
